GEM
  remote: http://rubygems.org/
  specs:
    jruby-rack (1.1.4)
    json (1.5.0-java)
    json-jruby (1.5.0-java)
      json (= 1.5.0)
    json-schema (1.0.5)
    macaddr (1.5.0)
      systemu (>= 2.4.0)
    rack (1.4.1)
    rack-protection (1.2.0)
      rack
    sinatra (1.3.2)
      rack (~> 1.3, >= 1.3.6)
      rack-protection (~> 1.2)
      tilt (~> 1.3, >= 1.3.3)
    systemu (2.4.2)
    tilt (1.3.3)
    uuid (2.3.5)
      macaddr (~> 1.0)

PLATFORMS
  java

DEPENDENCIES
  jruby-rack
  json-jruby
  json-schema
  rack-protection
  sinatra
  uuid
