GEM
  remote: http://rubygems.org/
  specs:
    json (1.5.0-java)
    json-schema (1.0.5)
    macaddr (1.5.0)
      systemu (>= 2.4.0)
    rack (1.4.1)
    rack-protection (1.2.0)
      rack
    sinatra (1.3.2)
      rack (~> 1.1)
      tilt (>= 1.2.2, < 2.0)
    sqlite3 (1.3.5)
    systemu (2.4.2)
    tilt (1.3)
    uuid (2.3.5)
      macaddr (~> 1.0)

PLATFORMS
  java

DEPENDENCIES
  json
  json-schema
  rack-protection
  sinatra
  sqlite3
  uuid
